GEM
  remote: https://rubygems.org/
  specs:
    execjs (1.4.0)
      multi_json (~> 1.0)
    libv8 (3.3.10.4)
    multi_json (1.3.6)
    therubyracer (0.10.2)
      libv8 (~> 3.3.10)
    thor (0.16.0)
    watchr (0.7)

PLATFORMS
  ruby

DEPENDENCIES
  execjs
  therubyracer
  thor
  watchr
